PATH
  remote: .
  specs:
    crank (0.1.0)
      andand (~> 1.3)
      base32 (~> 0.3)
      commander (~> 4.4)
      erubis (~> 2.7)
      facets (~> 3.1)
      ipaddress (~> 0.8)
      jsonpath (~> 0.5)
      rest-client (~> 2.0)
      rye (~> 0.9)
      sys-proctable (~> 1.1)
      unix-crypt (~> 1.3)

GEM
  remote: https://rubygems.org/
  specs:
    andand (1.3.3)
    annoy (0.5.6)
      highline (>= 1.5.0)
    base32 (0.3.2)
    commander (4.4.3)
      highline (~> 1.7.2)
    docile (1.1.5)
    domain_name (0.5.20170223)
      unf (>= 0.0.5, < 1.0.0)
    drydock (0.6.9)
    erubis (2.7.0)
    facets (3.1.0)
    highline (1.7.8)
    http-cookie (1.0.3)
      domain_name (~> 0.5)
    ipaddress (0.8.3)
    jsonpath (0.5.8)
      multi_json
    mime-types (3.1)
      mime-types-data (~> 3.2015)
    mime-types-data (3.2016.0521)
    multi_json (1.12.1)
    net-scp (1.2.1)
      net-ssh (>= 2.6.5)
    net-ssh (4.1.0)
    netrc (0.11.0)
    rest-client (2.0.1)
      http-cookie (>= 1.0.2, < 2.0)
      mime-types (>= 1.16, < 4.0)
      netrc (~> 0.8)
    rye (0.9.13)
      annoy
      docile (>= 1.0.1)
      highline (>= 1.5.1)
      net-scp (>= 1.0.2)
      net-ssh (>= 2.0.13)
      sysinfo (>= 0.8.1)
    storable (0.8.9)
    sys-proctable (1.1.3-universal-aix-5)
    sysinfo (0.8.1)
      drydock
      storable
    unf (0.1.4)
      unf_ext
    unf_ext (0.0.7.2)
    unix-crypt (1.3.0)

PLATFORMS
  ruby
  x86_64-darwin-16

DEPENDENCIES
  bundler (>= 1.0.0)
  crank!
  sys-proctable

RUBY VERSION
   ruby 2.4.0p0

BUNDLED WITH
   1.14.6
